GEM
  remote: https://rubygems.org/
  specs:
    ethon (0.7.4)
      ffi (>= 1.3.0)
    ffi (1.9.10)
    typhoeus (0.7.3)
      ethon (>= 0.7.4)
    wemote (0.2.2)

PLATFORMS
  ruby

DEPENDENCIES
  typhoeus
  wemote

BUNDLED WITH
   1.10.5
